PATH
  remote: .
  specs:
    iopromise-dalli (0.1.0)
      dalli (= 2.7.11)
      iopromise (~> 0.1.3)

GEM
  remote: https://rubygems.org/
  specs:
    benchmark-ips (2.9.1)
    dalli (2.7.11)
    diff-lcs (1.4.4)
    iopromise (0.1.3)
      nio4r
      promise.rb (~> 0.7.4)
    nio4r (2.5.7)
    promise.rb (0.7.4)
    rake (13.0.3)
    rspec (3.10.0)
      rspec-core (~> 3.10.0)
      rspec-expectations (~> 3.10.0)
      rspec-mocks (~> 3.10.0)
    rspec-core (3.10.1)
      rspec-support (~> 3.10.0)
    rspec-expectations (3.10.1)
      diff-lcs (>= 1.2.0, < 2.0)
      rspec-support (~> 3.10.0)
    rspec-mocks (3.10.2)
      diff-lcs (>= 1.2.0, < 2.0)
      rspec-support (~> 3.10.0)
    rspec-support (3.10.2)
    stackprof (0.2.17)

PLATFORMS
  x86_64-linux

DEPENDENCIES
  benchmark-ips
  iopromise-dalli!
  rake (~> 13.0)
  rspec (~> 3.0)
  stackprof

BUNDLED WITH
   2.2.17
